GEM
  remote: https://rubygems.org/
  specs:
    addressable (2.8.7)
      public_suffix (>= 2.0.2, < 7.0)
    baran (0.1.12)
    bigdecimal (3.2.2)
    byebug (12.0.0)
    coderay (1.1.3)
    csv (3.3.5)
    dotenv (3.1.8)
    event_stream_parser (1.0.0)
    faraday (2.13.2)
      faraday-net_http (>= 2.0, < 3.5)
      json
      logger
    faraday-multipart (1.1.1)
      multipart-post (~> 2.0)
    faraday-net_http (3.4.1)
      net-http (>= 0.5.0)
    io-console (0.8.1)
    json (2.13.0)
    json-schema (5.2.1)
      addressable (~> 2.8)
      bigdecimal (~> 3.1)
    langchainrb (0.19.5)
      baran (~> 0.1.9)
      csv
      json-schema (>= 4, < 6)
      matrix
      pragmatic_segmenter (~> 0.3.0)
      zeitwerk (~> 2.5)
    logger (1.7.0)
    matrix (0.4.3)
    method_source (1.1.0)
    multipart-post (2.4.1)
    net-http (0.6.0)
      uri
    parallel (1.27.0)
    pragmatic_segmenter (0.3.24)
    pry (0.15.2)
      coderay (~> 1.1)
      method_source (~> 1.0)
    public_suffix (6.0.2)
    rainbow (3.1.1)
    reline (0.6.1)
      io-console (~> 0.5)
    ruby-openai (8.1.0)
      event_stream_parser (>= 0.3.0, < 2.0.0)
      faraday (>= 1)
      faraday-multipart (>= 1)
    thor (1.3.2)
    uri (1.0.3)
    yaml (0.4.0)
    zeitwerk (2.7.3)

PLATFORMS
  ruby
  x86_64-linux

DEPENDENCIES
  byebug (~> 12.0.0)
  dotenv (~> 3.1.8)
  faraday (~> 2.13.2)
  langchainrb (~> 0.19.5)
  logger (~> 1.7.0)
  net-http (~> 0.6.0)
  parallel (~> 1.27.0)
  pry (~> 0.15.2)
  rainbow (~> 3.1.1)
  reline (~> 0.6.1)
  ruby-openai (~> 8.1.0)
  thor (~> 1.3.2)
  yaml (~> 0.4.0)
  zeitwerk (~> 2.7.3)

BUNDLED WITH
   2.6.2
